PATH
  remote: .
  specs:
    shokkenki (0.0.1)
      json

GEM
  remote: https://rubygems.org/
  specs:
    diff-lcs (1.2.4)
    json (1.8.0)
    rake (10.0.4)
    rspec (2.14.1)
      rspec-core (~> 2.14.0)
      rspec-expectations (~> 2.14.0)
      rspec-mocks (~> 2.14.0)
    rspec-core (2.14.5)
    rspec-expectations (2.14.3)
      diff-lcs (>= 1.1.3, < 2.0)
    rspec-mocks (2.14.3)
    timecop (0.6.1)

PLATFORMS
  ruby

DEPENDENCIES
  json
  rake (~> 10.0.0)
  rspec (~> 2.14.0)
  shokkenki!
  timecop
